GEM
  remote: http://rubygems.org/
  specs:
    colored (1.2)
    dicom (0.9.2)
    diff-lcs (1.1.3)
    json (1.6.1)
    rspec (2.7.0)
      rspec-core (~> 2.7.0)
      rspec-expectations (~> 2.7.0)
      rspec-mocks (~> 2.7.0)
    rspec-core (2.7.1)
    rspec-expectations (2.7.0)
      diff-lcs (~> 1.1.2)
    rspec-mocks (2.7.0)

PLATFORMS
  ruby

DEPENDENCIES
  colored (>= 1.2)
  dicom (>= 0.9.2)
  json (>= 1.0)
  rspec (~> 2.7)
